GEM
  remote: https://rubygems.org/
  specs:
    coderay (1.1.2)
    method_source (0.9.2)
    mustermann (1.0.3)
    pry (0.12.2)
      coderay (~> 1.1.0)
      method_source (~> 0.9.0)
    pry-remote (0.1.8)
      pry (~> 0.9)
      slop (~> 3.0)
    puma (3.12.0)
    rack (2.0.6)
    rack-protection (2.0.5)
      rack
    sinatra (2.0.5)
      mustermann (~> 1.0)
      rack (~> 2.0)
      rack-protection (= 2.0.5)
      tilt (~> 2.0)
    slop (3.6.0)
    tilt (2.0.9)

PLATFORMS
  ruby

DEPENDENCIES
  pry-remote
  puma
  sinatra

RUBY VERSION
   ruby 2.5.3p105

BUNDLED WITH
   1.17.3
